NUGET
  remote: https://www.nuget.org/api/v2
    Microsoft.AspNet.WebApi (5.2.3) - framework: >= net452
      Microsoft.AspNet.WebApi.WebHost (>= 5.2.3 < 5.3)
    Microsoft.AspNet.WebApi.Client (5.2.3) - framework: >= net452
      Newtonsoft.Json (>= 6.0.4) - framework: >= net45, portable-wp80+win+net45+wp81+wpa81
    Microsoft.AspNet.WebApi.Core (5.2.3) - framework: >= net452
      Microsoft.AspNet.WebApi.Client (>= 5.2.3)
    Microsoft.AspNet.WebApi.WebHost (5.2.3) - framework: >= net452
      Microsoft.AspNet.WebApi.Core (>= 5.2.3 < 5.3)
    Microsoft.CodeDom.Providers.DotNetCompilerPlatform (1.0.1) - framework: >= net452
      Microsoft.Net.Compilers (>= 1.0)
    Microsoft.Net.Compilers (1.1.1) - framework: >= net452
    Moq (4.2.1510.2205)
    Newtonsoft.Json (8.0.2) - framework: >= net452
